GEM
  remote: https://rubygems.org/
  specs:
    RedCloth (4.3.2)
    activesupport (2.3.18)
    childprocess (0.5.9)
      ffi (~> 1.0, >= 1.0.11)
    diff-lcs (1.2.5)
    ffi (1.9.14)
    hoe (3.15.1)
      rake (>= 0.8, < 12.0)
    lsof (0.3.0)
    newgem (1.5.3)
      RedCloth (>= 4.1.1)
      activesupport (~> 2.3.4)
      hoe (>= 2.4.0)
      rubigen (>= 1.5.3)
      syntax (>= 1.0.0)
    rake (11.2.2)
    rspec (3.5.0)
      rspec-core (~> 3.5.0)
      rspec-expectations (~> 3.5.0)
      rspec-mocks (~> 3.5.0)
    rspec-core (3.5.3)
      rspec-support (~> 3.5.0)
    rspec-expectations (3.5.0)
      diff-lcs (>= 1.2.0, < 2.0)
      rspec-support (~> 3.5.0)
    rspec-mocks (3.5.0)
      diff-lcs (>= 1.2.0, < 2.0)
      rspec-support (~> 3.5.0)
    rspec-support (3.5.0)
    rubigen (1.5.8)
      activesupport (>= 2.3.5, < 3.2.0)
    rubyzip (1.2.0)
    selenium-grid (0.2.4)
      hoe (>= 1.7.0)
      lsof (>= 0.3.0)
      newgem (>= 0.23.1)
      rake (>= 0.8.1)
    selenium-webdriver (2.53.4)
      childprocess (~> 0.5)
      rubyzip (~> 1.0)
      websocket (~> 1.0)
    syntax (1.2.1)
    websocket (1.2.3)

PLATFORMS
  ruby

DEPENDENCIES
  rspec
  selenium-grid
  selenium-webdriver

BUNDLED WITH
   1.12.5
