GEM
  remote: https://rubygems.org/
  specs:
    RedCloth (4.3.3)
    activesupport (2.3.18)
    childprocess (3.0.0)
    diff-lcs (1.3)
    hoe (2.9.4)
      rake (>= 0.8.7)
    lsof (0.3.0)
    newgem (1.5.3)
      RedCloth (>= 4.1.1)
      activesupport (~> 2.3.4)
      hoe (>= 2.4.0)
      rubigen (>= 1.5.3)
      syntax (>= 1.0.0)
    rake (13.0.0)
    rspec (3.9.0)
      rspec-core (~> 3.9.0)
      rspec-expectations (~> 3.9.0)
      rspec-mocks (~> 3.9.0)
    rspec-core (3.9.0)
      rspec-support (~> 3.9.0)
    rspec-expectations (3.9.0)
      diff-lcs (>= 1.2.0, < 2.0)
      rspec-support (~> 3.9.0)
    rspec-mocks (3.9.0)
      diff-lcs (>= 1.2.0, < 2.0)
      rspec-support (~> 3.9.0)
    rspec-support (3.9.0)
    rubigen (1.5.8)
      activesupport (>= 2.3.5, < 3.2.0)
    rubyzip (2.0.0)
    selenium-grid (0.2.4)
      hoe (>= 1.7.0)
      lsof (>= 0.3.0)
      newgem (>= 0.23.1)
      rake (>= 0.8.1)
    selenium-webdriver (3.142.7)
      childprocess (>= 0.5, < 4.0)
      rubyzip (>= 1.2.2)
    syntax (1.2.2)

PLATFORMS
  ruby

DEPENDENCIES
  rspec
  selenium-grid
  selenium-webdriver

BUNDLED WITH
   1.17.2
